PATH
  remote: .
  specs:
    wait_until (0.0.1)

GEM
  remote: http://rubygems.org/
  specs:
    diff-lcs (1.2.1)
    flog (3.2.2)
      ruby_parser (~> 3.1, > 3.1.0)
      sexp_processor (~> 4.0)
    hashr (0.0.22)
    multi_json (1.7.1)
    rake (10.0.3)
    rspec (2.13.0)
      rspec-core (~> 2.13.0)
      rspec-expectations (~> 2.13.0)
      rspec-mocks (~> 2.13.0)
    rspec-core (2.13.1)
    rspec-expectations (2.13.0)
      diff-lcs (>= 1.1.3, < 2.0)
    rspec-mocks (2.13.0)
    ruby_parser (3.1.2)
      sexp_processor (~> 4.1)
    sexp_processor (4.2.0)
    simplecov (0.7.1)
      multi_json (~> 1.0)
      simplecov-html (~> 0.7.1)
    simplecov-html (0.7.1)
    travis-lint (1.6.0)
      hashr (~> 0.0.22)

PLATFORMS
  ruby

DEPENDENCIES
  flog (~> 3.2.2)
  rake (~> 10.0.3)
  rspec (~> 2.12)
  simplecov (~> 0.7.1)
  travis-lint (~> 1.6.0)
  wait_until!
